REDIRECTS: FORCE
RESTRICTION: || (== net461) (== netstandard2.0)
NUGET
  remote: http://www.nuget.org/api/v2
    FSharp.Core (4.3.4)
    Microsoft.NETCore.Platforms (3.1) - restriction: || (== net461) (&& (== netstandard2.0) (>= net461))
    NETStandard.Library (2.0.3) - restriction: || (== net461) (&& (== netstandard2.0) (>= net461))
      Microsoft.NETCore.Platforms (>= 1.1)
    NETStandard.Library.NETFramework (2.0.0-preview2-25405-01)
      Microsoft.NETCore.Platforms (>= 2.0.0-preview2-25405-01) - restriction: || (== net461) (&& (== netstandard2.0) (>= net461))
      NETStandard.Library (>= 2.0.0-preview2-25401-01) - restriction: || (== net461) (&& (== netstandard2.0) (>= net461))
    System.Buffers (4.5) - restriction: == netstandard2.0
    System.Configuration.ConfigurationManager (4.7)
      System.Security.Cryptography.ProtectedData (>= 4.7) - restriction: == netstandard2.0
      System.Security.Permissions (>= 4.7)
    System.Memory (4.5.3) - restriction: == netstandard2.0
      System.Buffers (>= 4.4)
      System.Numerics.Vectors (>= 4.4)
      System.Runtime.CompilerServices.Unsafe (>= 4.5.2)
    System.Numerics.Vectors (4.5) - restriction: == netstandard2.0
    System.Runtime.CompilerServices.Unsafe (4.7) - restriction: == netstandard2.0
    System.Security.AccessControl (4.7)
      System.Security.Principal.Windows (>= 4.7)
    System.Security.Cryptography.ProtectedData (4.7) - restriction: == netstandard2.0
      System.Memory (>= 4.5.3) - restriction: || (&& (== net461) (< net46) (>= netstandard2.0)) (== netstandard2.0)
    System.Security.Permissions (4.7)
      System.Security.AccessControl (>= 4.7)
    System.Security.Principal.Windows (4.7)
    YamlDotNet (8.0)
GITHUB
  remote: fsprojects/FSharp.TypeProviders.SDK
    src/ProvidedTypes.fs (b8727a47dd83d3e88aed8f2100f6712478c64632)
    src/ProvidedTypes.fsi (b8727a47dd83d3e88aed8f2100f6712478c64632)
    src/ProvidedTypesTesting.fs (b8727a47dd83d3e88aed8f2100f6712478c64632)
GROUP Build
RESTRICTION: == net461
NUGET
  remote: https://www.nuget.org/api/v2
    FAKE (4.64.17)
    FSharp.Compiler.Service (27.0.1)
      FSharp.Core (>= 4.5.2)
      System.Collections.Immutable (>= 1.5)
      System.Reflection.Metadata (>= 1.6)
      System.ValueTuple (>= 4.4)
    FSharp.Core (4.7)
    FSharp.Formatting (3.1)
      FSharp.Compiler.Service (>= 27.0.1 < 28.0)
      Microsoft.AspNet.Razor (>= 3.2.7 < 4.0)
      System.ValueTuple (>= 4.5 < 5.0)
    Microsoft.AspNet.Razor (3.2.7)
    Octokit (0.36)
    SourceLink.Fake (1.1)
    System.Buffers (4.5)
    System.Collections.Immutable (1.7)
      System.Memory (>= 4.5.3)
    System.Memory (4.5.3)
      System.Buffers (>= 4.4)
      System.Numerics.Vectors (>= 4.4)
      System.Runtime.CompilerServices.Unsafe (>= 4.5.2)
    System.Numerics.Vectors (4.5)
    System.Reflection.Metadata (1.8)
      System.Collections.Immutable (>= 1.7)
    System.Runtime.CompilerServices.Unsafe (4.7)
    System.ValueTuple (4.5)
GITHUB
  remote: fsharp/FAKE
    modules/Octokit/Octokit.fsx (cb792f4e5e7b2a182c6fabc48dd86a457db7937d)
      Octokit (>= 0.20)
GROUP Test
REDIRECTS: FORCE
RESTRICTION: || (== net461) (== netcoreapp3.1)
NUGET
  remote: https://www.nuget.org/api/v2
    Expecto (8.13.1)
      FSharp.Core (>= 4.3.4)
      Mono.Cecil (>= 0.11)
    FSharp.Core (4.7) - redirects: force
    Mono.Cecil (0.11.1)
    System.Resources.Extensions (4.7)
