NUGET
  remote: http://nuget.org/api/v2
  specs:
    FAKE (3.5.2)
    FSharp.Compiler.Service (0.0.59)
    FSharp.Formatting (2.4.24)
      Microsoft.AspNet.Razor (2.0.30506.0)
      RazorEngine (3.3.0)
      FSharp.Compiler.Service (0.0.59)
    Microsoft.AspNet.Razor (2.0.30506.0)
    Microsoft.Bcl (1.1.9)
      Microsoft.Bcl.Build (>= 1.0.14)
    Microsoft.Bcl.Build (1.0.21)
    Microsoft.Net.Http (2.2.28)
      Microsoft.Bcl (>= 1.1.9)
      Microsoft.Bcl.Build (>= 1.0.14)
    NuGet.CommandLine (2.8.2)
    NUnit (2.6.3)
    NUnit.Runners (2.6.3)
    Octokit (0.4.1)
      Microsoft.Net.Http (>= 0)
    RazorEngine (3.3.0)
      Microsoft.AspNet.Razor (>= 2.0.30506.0)
    SourceLink.Fake (0.3.4)
