REDIRECTS: FORCE
RESTRICTION: || (== net461) (== netstandard2.0)
NUGET
  remote: https://api.nuget.org/v3/index.json
    FSharp.Core (5.0)
    Microsoft.NETCore.Platforms (6.0.1) - restriction: || (== net461) (&& (== netstandard2.0) (>= net461))
    NETStandard.Library (2.0.3) - restriction: || (== net461) (&& (== netstandard2.0) (>= net461))
      Microsoft.NETCore.Platforms (>= 1.1)
    NETStandard.Library.NETFramework (2.0.0-preview2-25405-01)
      Microsoft.NETCore.Platforms (>= 2.0.0-preview2-25405-01) - restriction: || (== net461) (&& (== netstandard2.0) (>= net461))
      NETStandard.Library (>= 2.0.0-preview2-25401-01) - restriction: || (== net461) (&& (== netstandard2.0) (>= net461))
    System.Buffers (4.5.1) - restriction: || (&& (== net461) (>= net6.0)) (== netstandard2.0)
    System.Configuration.ConfigurationManager (6.0)
      System.Security.Cryptography.ProtectedData (>= 6.0) - restriction: || (&& (== net461) (>= net6.0)) (== netstandard2.0)
      System.Security.Permissions (>= 6.0)
    System.Memory (4.5.4) - restriction: || (&& (== net461) (>= net6.0)) (== netstandard2.0)
      System.Buffers (>= 4.5.1)
      System.Numerics.Vectors (>= 4.4) - restriction: || (&& (== net461) (< net45) (>= netstandard2.0)) (== netstandard2.0)
      System.Runtime.CompilerServices.Unsafe (>= 4.5.3)
    System.Numerics.Vectors (4.5) - restriction: || (&& (== net461) (>= net6.0)) (== netstandard2.0)
    System.Runtime.CompilerServices.Unsafe (6.0) - restriction: || (&& (== net461) (>= net6.0)) (== netstandard2.0)
    System.Security.AccessControl (6.0)
      System.Security.Principal.Windows (>= 5.0)
    System.Security.Cryptography.ProtectedData (6.0) - restriction: || (&& (== net461) (>= net6.0)) (== netstandard2.0)
      System.Memory (>= 4.5.4) - restriction: == netstandard2.0
    System.Security.Permissions (6.0)
      System.Security.AccessControl (>= 6.0)
    System.Security.Principal.Windows (5.0)
    YamlDotNet (11.2.1)
GITHUB
  remote: fsprojects/FSharp.TypeProviders.SDK
    src/ProvidedTypes.fs (605be1f21a9f173e20b826b862eea0705212ecfe)
    src/ProvidedTypes.fsi (605be1f21a9f173e20b826b862eea0705212ecfe)
    tests/ProvidedTypesTesting.fs (605be1f21a9f173e20b826b862eea0705212ecfe)
GROUP Test
REDIRECTS: FORCE
RESTRICTION: || (== net461) (== net6.0)
NUGET
  remote: https://api.nuget.org/v3/index.json
    Expecto (9.0.4)
      FSharp.Core (>= 4.6)
      Mono.Cecil (>= 0.11.3)
    FSharp.Core (6.0.1) - redirects: force
    Mono.Cecil (0.11.4)
    System.Buffers (4.5.1) - restriction: || (== net461) (&& (== net6.0) (>= net461))
    System.Memory (4.5.4) - restriction: || (== net461) (&& (== net6.0) (>= net461))
      System.Buffers (>= 4.5.1) - restriction: || (== net461) (&& (== net6.0) (>= monotouch)) (&& (== net6.0) (>= net461)) (&& (== net6.0) (< netcoreapp2.0)) (&& (== net6.0) (< netstandard1.1)) (&& (== net6.0) (< netstandard2.0)) (&& (== net6.0) (>= xamarinios)) (&& (== net6.0) (>= xamarinmac)) (&& (== net6.0) (>= xamarintvos)) (&& (== net6.0) (>= xamarinwatchos))
      System.Numerics.Vectors (>= 4.5) - restriction: || (== net461) (&& (== net6.0) (>= net461))
      System.Runtime.CompilerServices.Unsafe (>= 4.5.3) - restriction: || (== net461) (&& (== net6.0) (>= monotouch)) (&& (== net6.0) (>= net461)) (&& (== net6.0) (< netcoreapp2.0)) (&& (== net6.0) (< netcoreapp2.1)) (&& (== net6.0) (< netstandard1.1)) (&& (== net6.0) (< netstandard2.0)) (&& (== net6.0) (>= uap10.1)) (&& (== net6.0) (>= xamarinios)) (&& (== net6.0) (>= xamarinmac)) (&& (== net6.0) (>= xamarintvos)) (&& (== net6.0) (>= xamarinwatchos))
    System.Numerics.Vectors (4.5) - restriction: || (== net461) (&& (== net6.0) (>= net461))
    System.Resources.Extensions (6.0)
      System.Memory (>= 4.5.4) - restriction: || (== net461) (&& (== net6.0) (>= net461))
    System.Runtime.CompilerServices.Unsafe (6.0) - restriction: || (== net461) (&& (== net6.0) (>= net461))
