RESTRICTION: >= net45
NUGET
  remote: http://www.nuget.org/api/v2
    FSharp.Core (4.0.0.1)
    SharpYaml (1.6.1)
GITHUB
  remote: fsprojects/FSharp.TypeProviders.SDK
    src/ProvidedTypes.fs (bebf76af3ffd2f9723b42de68d191f2371ecefd0)
    src/ProvidedTypes.fsi (bebf76af3ffd2f9723b42de68d191f2371ecefd0)
    src/ProvidedTypesTesting.fs (bebf76af3ffd2f9723b42de68d191f2371ecefd0)
GROUP Build
RESTRICTION: == net45
NUGET
  remote: https://www.nuget.org/api/v2
    FAKE (4.63.2)
    FSharp.Compiler.Service (2.0.0.6)
    FSharp.Formatting (2.14.4)
      FSharp.Compiler.Service (2.0.0.6)
      FSharpVSPowerTools.Core (>= 2.3 < 2.4)
    FSharpVSPowerTools.Core (2.3)
      FSharp.Compiler.Service (>= 2.0.0.3)
    NuGet.CommandLine (4.3)
    Octokit (0.26)
    SourceLink.Fake (1.1)
GITHUB
  remote: fsharp/FAKE
    modules/Octokit/Octokit.fsx (620269f1c7fc0da138a6181fb8029f5600310f79)
      Octokit (>= 0.20)
GROUP Test
RESTRICTION: == net461
NUGET
  remote: https://www.nuget.org/api/v2
    Argu (3.7)
    Expecto (5.0.1)
      Argu (>= 3.7)
      FSharp.Core (>= 4.1.12)
      Mono.Cecil (>= 0.10.0-beta5)
    FSharp.Core (4.2.3) - redirects: force
    Mono.Cecil (0.10.0-beta6)
