RESTRICTION: >= net45
NUGET
  remote: http://www.nuget.org/api/v2
    FSharp.Core (4.0.0.1)
    SharpYaml (1.6.2)
GITHUB
  remote: fsprojects/FSharp.TypeProviders.SDK
    src/ProvidedTypes.fs (059ed4fcf4f4d7587331574092777e65337a95db)
    src/ProvidedTypes.fsi (059ed4fcf4f4d7587331574092777e65337a95db)
    src/ProvidedTypesTesting.fs (059ed4fcf4f4d7587331574092777e65337a95db)
GROUP Build
RESTRICTION: == net45
NUGET
  remote: https://www.nuget.org/api/v2
    FAKE (4.64.6)
    FSharp.Compiler.Service (2.0.0.6)
    FSharp.Formatting (2.14.4)
      FSharp.Compiler.Service (2.0.0.6)
      FSharpVSPowerTools.Core (>= 2.3 < 2.4)
    FSharpVSPowerTools.Core (2.3)
      FSharp.Compiler.Service (>= 2.0.0.3)
    NuGet.CommandLine (4.5.1)
    Octokit (0.29)
    SourceLink.Fake (1.1)
GITHUB
  remote: fsharp/FAKE
    modules/Octokit/Octokit.fsx (d383ad81321f728c9a18165a328ab692ec05cc2c)
      Octokit (>= 0.20)
GROUP Test
RESTRICTION: == net461
NUGET
  remote: https://www.nuget.org/api/v2
    Argu (5.0.1)
      FSharp.Core (>= 4.0.0.1)
    Expecto (5.1.2)
      Argu (>= 3.7)
      FSharp.Core (>= 4.1.18)
      Mono.Cecil (>= 0.10.0-beta7)
      System.ValueTuple (>= 4.4)
    FSharp.Core (4.3.4) - redirects: force
    Mono.Cecil (0.10.0-beta7)
    System.ValueTuple (4.4)
